GEM
  remote: https://rubygems.org/
  specs:
    concurrent-ruby (1.3.3)
    connection_pool (2.4.1)
    logger (1.6.0)
    rack (3.1.7)
    redis-client (0.22.2)
      connection_pool
    sidekiq (7.3.0)
      concurrent-ruby (< 2)
      connection_pool (>= 2.3.0)
      logger
      rack (>= 2.2.4)
      redis-client (>= 0.22.2)

PLATFORMS
  ruby
  x86_64-linux

DEPENDENCIES
  sidekiq

BUNDLED WITH
   2.5.16
